PATH
  remote: .
  specs:
    crunchbase4 (0.2.1)
      faraday
      faraday_curl
      faraday_middleware
      httparty

GEM
  remote: https://rubygems.org/
  specs:
    addressable (2.8.0)
      public_suffix (>= 2.0.2, < 5.0)
    ast (2.4.0)
    coderay (1.1.3)
    crack (0.4.3)
      safe_yaml (~> 1.0.0)
    diff-lcs (1.5.0)
    faraday (1.0.1)
      multipart-post (>= 1.2, < 3)
    faraday_curl (0.0.2)
      faraday (>= 0.9.0)
    faraday_middleware (1.2.0)
      faraday (~> 1.0)
    hashdiff (1.0.1)
    httparty (0.21.0)
      mini_mime (>= 1.0.0)
      multi_xml (>= 0.5.2)
    jaro_winkler (1.5.4)
    method_source (1.0.0)
    mini_mime (1.1.2)
    multi_xml (0.6.0)
    multipart-post (2.1.1)
    parallel (1.19.2)
    parser (2.7.1.3)
      ast (~> 2.4.0)
    pry (0.14.1)
      coderay (~> 1.1)
      method_source (~> 1.0)
    public_suffix (4.0.6)
    rainbow (3.1.1)
    rake (12.3.3)
    rexml (3.2.5)
    rspec (3.9.0)
      rspec-core (~> 3.9.0)
      rspec-expectations (~> 3.9.0)
      rspec-mocks (~> 3.9.0)
    rspec-core (3.9.3)
      rspec-support (~> 3.9.3)
    rspec-expectations (3.9.4)
      diff-lcs (>= 1.2.0, < 2.0)
      rspec-support (~> 3.9.0)
    rspec-mocks (3.9.1)
      diff-lcs (>= 1.2.0, < 2.0)
      rspec-support (~> 3.9.0)
    rspec-support (3.9.3)
    rubocop (0.81.0)
      jaro_winkler (~> 1.5.1)
      parallel (~> 1.10)
      parser (>= 2.7.0.1)
      rainbow (>= 2.2.2, < 4.0)
      rexml
      ruby-progressbar (~> 1.7)
      unicode-display_width (>= 1.4.0, < 2.0)
    ruby-progressbar (1.10.1)
    safe_yaml (1.0.5)
    unicode-display_width (1.7.0)
    vcr (6.0.0)
    webmock (3.18.1)
      addressable (>= 2.8.0)
      crack (>= 0.3.2)
      hashdiff (>= 0.4.0, < 2.0.0)

PLATFORMS
  ruby

DEPENDENCIES
  crunchbase4!
  pry
  rake (~> 12.0)
  rspec (~> 3.0)
  rubocop
  vcr
  webmock

BUNDLED WITH
   2.2.5
